GEM
  remote: https://rubygems.org/
  specs:
    adsf (1.1.1)
      rack (>= 1.0.0)
    blankslate (2.1.2.4)
    builder (3.0.0)
    colored (1.2)
    cri (2.3.0)
      colored (>= 1.2)
    ffi (1.0.11)
    haml (3.2.0.beta.1)
      tilt
    mime-types (1.19)
    nanoc (3.4.0)
      cri (~> 2.2)
    nokogiri (1.5.5)
    pygments.rb (0.2.13)
      rubypython (~> 0.5.3)
    rack (1.4.1)
    redcarpet (2.1.1)
    rubypython (0.5.3)
      blankslate (>= 2.1.2.3)
      ffi (~> 1.0.7)
    systemu (2.5.2)
    tilt (1.3.3)

PLATFORMS
  ruby

DEPENDENCIES
  adsf
  builder
  haml (~> 3.2.0.alpha.13)
  mime-types
  nanoc
  nokogiri
  pygments.rb
  redcarpet
  systemu
