GEM
  remote: https://rubygems.org/
  specs:
    adsf (1.1.1)
      rack (>= 1.0.0)
    builder (3.2.0)
    colored (1.2)
    commonjs (0.2.6)
    cri (2.3.0)
      colored (>= 1.2)
    fssm (0.2.10)
    less (2.3.1)
      commonjs (~> 0.2.6)
    libv8 (3.11.8.17)
    mime-types (1.22)
    nanoc (3.6.2)
      cri (~> 2.3)
    nokogiri (1.5.9)
    posix-spawn (0.3.6)
    pygments.rb (0.4.2)
      posix-spawn (~> 0.3.6)
      yajl-ruby (~> 1.1.0)
    rack (1.5.2)
    redcarpet (2.2.2)
    ref (1.0.4)
    slim (1.3.6)
      temple (~> 0.5.5)
      tilt (~> 1.3.3)
    systemu (2.5.2)
    temple (0.5.5)
    therubyracer (0.11.4)
      libv8 (~> 3.11.8.12)
      ref
    tilt (1.3.6)
    yajl-ruby (1.1.0)

PLATFORMS
  ruby

DEPENDENCIES
  adsf
  builder
  fssm
  less
  mime-types
  nanoc
  nokogiri
  pygments.rb
  redcarpet
  slim
  systemu
  therubyracer
