GEM
  remote: https://rubygems.org/
  specs:
    adsf (1.1.1)
      rack (>= 1.0.0)
    builder (3.1.3)
    colored (1.2)
    commonjs (0.2.6)
    cri (2.3.0)
      colored (>= 1.2)
    fssm (0.2.9)
    haml (3.2.0.beta.3)
      tilt
    less (2.2.2)
      commonjs (~> 0.2.6)
    libv8 (3.3.10.4)
    mime-types (1.19)
    nanoc (3.4.1)
      cri (~> 2.2)
    nokogiri (1.5.5)
    posix-spawn (0.3.6)
    pygments.rb (0.3.1)
      posix-spawn (~> 0.3.6)
      yajl-ruby (~> 1.1.0)
    rack (1.4.1)
    rdiscount (1.6.8)
    redcarpet (2.1.1)
    systemu (2.5.2)
    therubyracer (0.10.2)
      libv8 (~> 3.3.10)
    tilt (1.3.3)
    yajl-ruby (1.1.0)

PLATFORMS
  ruby

DEPENDENCIES
  adsf
  builder
  fssm
  haml (~> 3.2.0.alpha.13)
  less
  mime-types
  nanoc
  nokogiri
  pygments.rb
  rdiscount
  redcarpet
  systemu
  therubyracer
